GEM
  remote: https://rubygems.org/
  specs:
    byebug (11.1.1)
    childprocess (0.9.0)
      ffi (~> 1.0, >= 1.0.11)
    dotenv (2.7.5)
    ffi (1.12.2)
    mail (2.7.1)
      mini_mime (>= 0.1.1)
    mini_mime (1.0.2)
    rake (13.0.1)
    rubyzip (1.2.3)
    selenium-webdriver (3.14.0)
      childprocess (~> 0.5)
      rubyzip (~> 1.2)

PLATFORMS
  ruby

DEPENDENCIES
  byebug
  dotenv
  mail
  rake
  selenium-webdriver

RUBY VERSION
   ruby 2.4.2p198

BUNDLED WITH
   1.17.3
